GEM
  remote: https://rubygems.org/
  specs:
    Ascii85 (1.0.2)
    afm (0.2.2)
    arxiv-references (0.1.6.2)
      nokogiri (~> 1.6)
      pdf-reader (~> 1.4)
      thor (~> 0.19)
    hashery (2.1.2)
    mini_portile2 (2.0.0)
    nokogiri (1.6.7.2)
      mini_portile2 (~> 2.0.0.rc2)
    pdf-reader (1.4.0)
      Ascii85 (~> 1.0.0)
      afm (~> 0.2.1)
      hashery (~> 2.0)
      ruby-rc4
      ttfunk
    rack (1.6.4)
    rack-protection (1.5.3)
      rack
    ruby-rc4 (0.1.5)
    sinatra (1.4.7)
      rack (~> 1.5)
      rack-protection (~> 1.4)
      tilt (>= 1.3, < 3)
    sinatra-cross_origin (0.3.2)
    thor (0.19.1)
    tilt (2.0.2)
    ttfunk (1.4.0)

PLATFORMS
  ruby

DEPENDENCIES
  arxiv-references
  sinatra
  sinatra-cross_origin (~> 0.3.1)

BUNDLED WITH
   1.10.6
